GEM
  remote: https://rubygems.org/
  specs:
    aruba (0.4.11)
      childprocess (>= 0.2.3)
      cucumber (>= 1.1.1)
      ffi (>= 1.0.11)
      rspec (>= 2.7.0)
    builder (3.0.0)
    childprocess (0.3.5)
      ffi (~> 1.0, >= 1.0.6)
    cucumber (1.1.9)
      builder (>= 2.1.2)
      diff-lcs (>= 1.1.2)
      gherkin (~> 2.9.0)
      json (>= 1.4.6)
      term-ansicolor (>= 1.0.6)
    diff-lcs (1.1.3)
    fakefs (0.4.0)
    ffi (1.1.5)
    gherkin (2.9.3)
      json (>= 1.4.6)
    git (1.2.5)
    github-markup (0.7.4)
    jeweler (1.8.4)
      bundler (~> 1.0)
      git (>= 1.2.5)
      rake
      rdoc
    json (1.8.3)
    rake (0.9.2.2)
    rdoc (3.12)
      json (~> 1.4)
    redcarpet (2.1.1)
    rspec (2.11.0)
      rspec-core (~> 2.11.0)
      rspec-expectations (~> 2.11.0)
      rspec-mocks (~> 2.11.0)
    rspec-core (2.11.1)
    rspec-expectations (2.11.2)
      diff-lcs (~> 1.1.3)
    rspec-mocks (2.11.2)
    term-ansicolor (1.0.7)
    yard (0.8.2.1)
    yard-cucumber (2.2.0)
      cucumber (>= 0.7.5)
      gherkin (>= 2.2.9)
      yard (>= 0.8.1)

PLATFORMS
  ruby

DEPENDENCIES
  aruba (~> 0.4.11)
  cucumber (~> 1.1.9)
  fakefs (= 0.4.0)
  github-markup
  jeweler (~> 1.8.4)
  rake (~> 0.9.2)
  redcarpet
  rspec-core (>= 2.11.1)
  yard
  yard-cucumber
